PATH
  remote: .
  specs:
    qrier (0.1.0)

GEM
  remote: https://rubygems.org/
  specs:
    coderay (1.1.3)
    colorize (0.8.1)
    formatador (1.1.0)
    highline (2.0.3)
    method_source (1.0.0)
    minitest (5.16.3)
    pry (0.14.1)
      coderay (~> 1.1)
      method_source (~> 1.0)
    rake (13.0.6)
    thor (1.2.1)

PLATFORMS
  x86_64-darwin-20

DEPENDENCIES
  colorize
  formatador
  highline
  minitest
  pry
  qrier!
  rake (~> 13.0)
  thor

BUNDLED WITH
   2.3.23
